GEM
  remote: https://rubygems.org/
  remote: https://rubygems.org/
  specs:
    albacore (1.0.0.rc.2)
      nokogiri (~> 1.5)
      rake
      rubyzip (~> 1.0)
    mini_portile (0.6.0)
    nokogiri (1.6.2.1-x64-mingw32)
      mini_portile (= 0.6.0)
    rake (10.3.2)
    rubyzip (1.1.3)

PLATFORMS
  x64-mingw32

DEPENDENCIES
  albacore (~> 1.0.0.rc2)
